GIT
  remote: https://github.com/PerseusDL/hypothesis-client
  revision: c0d255ff8c20b4ed6a669466c20a57f4e7004da6
  specs:
    hypothesis-client (0.0.2)
      json

GIT
  remote: https://github.com/sosol/mediawiki-ruby-api
  revision: 2d87ea087c1fc27c6793ce3c6488258ee5c88c3b
  specs:
    mediawiki_api (0.3.1)
      faraday (~> 0.9, >= 0.9.0)
      faraday-cookie_jar (~> 0.0, >= 0.0.6)

GEM
  remote: http://rubygems.org/
  specs:
    actionmailer (3.2.21)
      actionpack (= 3.2.21)
      mail (~> 2.5.4)
    actionpack (3.2.21)
      activemodel (= 3.2.21)
      activesupport (= 3.2.21)
      builder (~> 3.0.0)
      erubis (~> 2.7.0)
      journey (~> 1.0.4)
      rack (~> 1.4.5)
      rack-cache (~> 1.2)
      rack-test (~> 0.6.1)
      sprockets (~> 2.2.1)
    activemodel (3.2.21)
      activesupport (= 3.2.21)
      builder (~> 3.0.0)
    activerecord (3.2.21)
      activemodel (= 3.2.21)
      activesupport (= 3.2.21)
      arel (~> 3.0.2)
      tzinfo (~> 0.3.29)
    activerecord-jdbc-adapter (1.3.17)
      activerecord (>= 2.2)
    activerecord-jdbcmysql-adapter (1.3.17)
      activerecord-jdbc-adapter (~> 1.3.17)
      jdbc-mysql (>= 5.1.22)
    activerecord-jdbcsqlite3-adapter (1.3.17)
      activerecord-jdbc-adapter (~> 1.3.17)
      jdbc-sqlite3 (>= 3.7.2, < 3.9)
    activeresource (3.2.21)
      activemodel (= 3.2.21)
      activesupport (= 3.2.21)
    activesupport (3.2.21)
      i18n (~> 0.6, >= 0.6.4)
      multi_json (~> 1.0)
    airbrake (4.3.0)
      builder
      multi_json
    arel (3.0.3)
    builder (3.0.4)
    capistrano (2.15.5)
      highline
      net-scp (>= 1.0.0)
      net-sftp (>= 2.0.0)
      net-ssh (>= 2.0.14)
      net-ssh-gateway (>= 1.1.0)
    celluloid (0.16.0)
      timers (~> 4.0.0)
    coffee-rails (3.2.2)
      coffee-script (>= 2.2.0)
      railties (~> 3.2.0)
    coffee-script (2.4.1)
      coffee-script-source
      execjs
    coffee-script-source (1.9.1.1)
    columnize (0.9.0)
    database_cleaner (1.4.1)
    diff-lcs (1.2.5)
    domain_name (0.5.24)
      unf (>= 0.0.5, < 1.0.0)
    dynamic_form (1.1.4)
    erubis (2.7.0)
    execjs (2.5.2)
    factory_girl (4.5.0)
      activesupport (>= 3.0.0)
    factory_girl_rails (4.5.0)
      factory_girl (~> 4.5.0)
      railties (>= 3.0.0)
    faraday (0.9.1)
      multipart-post (>= 1.2, < 3)
    faraday-cookie_jar (0.0.6)
      faraday (>= 0.7.4)
      http-cookie (~> 1.0.0)
    grit (2.4.1)
      diff-lcs (~> 1.1)
      mime-types (~> 1.15)
    haml (4.0.6)
      tilt
    highline (1.7.2)
    hike (1.2.3)
    hitimes (1.2.2-java)
    http-cookie (1.0.2)
      domain_name (~> 0.5)
    i18n (0.7.0)
    jdbc-mysql (5.1.35)
    jdbc-sqlite3 (3.8.10.1)
    journey (1.0.4)
    jquery-rails (3.1.3)
      railties (>= 3.0, < 5.0)
      thor (>= 0.14, < 2.0)
    jruby-jars (1.7.21)
    jruby-rack (1.1.19)
    json (1.5.0-java)
    json-jruby (1.5.0-java)
      json (= 1.5.0)
    macaddr (1.7.1)
      systemu (~> 2.6.2)
    mail (2.5.4)
      mime-types (~> 1.16)
      treetop (~> 1.4.8)
    metaclass (0.0.4)
    mime-types (1.25.1)
    mocha (1.1.0)
      metaclass (~> 0.0.1)
    multi_json (1.11.2)
    multipart-post (2.0.0)
    net-scp (1.2.1)
      net-ssh (>= 2.6.5)
    net-sftp (2.1.2)
      net-ssh (>= 2.6.5)
    net-ssh (2.9.2)
    net-ssh-gateway (1.2.0)
      net-ssh (>= 2.6.5)
    nokogiri (1.6.6.2-java)
    polyglot (0.3.5)
    prototype-rails (3.2.1)
      rails (~> 3.2)
    puma (2.12.0-java)
    rack (1.4.7)
    rack-cache (1.2)
      rack (>= 0.4)
    rack-ssl (1.3.4)
      rack
    rack-test (0.6.3)
      rack (>= 1.0)
    rails (3.2.21)
      actionmailer (= 3.2.21)
      actionpack (= 3.2.21)
      activerecord (= 3.2.21)
      activeresource (= 3.2.21)
      activesupport (= 3.2.21)
      bundler (~> 1.0)
      railties (= 3.2.21)
    railties (3.2.21)
      actionpack (= 3.2.21)
      activesupport (= 3.2.21)
      rack-ssl (~> 1.3.2)
      rake (>= 0.8.7)
      rdoc (~> 3.4)
      thor (>= 0.14.6, < 2.0)
    rake (10.4.2)
    rdoc (3.12.2)
      json (~> 1.4)
    ruby-debug (0.10.4)
      columnize (>= 0.1)
      ruby-debug-base (~> 0.10.4.0)
    ruby-debug-base (0.10.4-java)
    ruby-saml (1.0.0)
      nokogiri (>= 1.5.10)
      uuid (~> 2.3)
    rubyzip (0.9.9)
    sass (3.4.16)
    sass-rails (3.2.6)
      railties (~> 3.2.0)
      sass (>= 3.1.10)
      tilt (~> 1.3)
    shoulda (3.5.0)
      shoulda-context (~> 1.0, >= 1.0.1)
      shoulda-matchers (>= 1.4.1, < 3.0)
    shoulda-context (1.2.1)
    shoulda-matchers (2.8.0)
      activesupport (>= 3.0.0)
    sprockets (2.2.3)
      hike (~> 1.2)
      multi_json (~> 1.0)
      rack (~> 1.0)
      tilt (~> 1.1, != 1.3.0)
    sucker_punch (1.5.0)
      celluloid (~> 0.16.0)
    systemu (2.6.5)
    test_after_commit (0.4.1)
      activerecord (>= 3.2)
    thor (0.19.1)
    tilt (1.4.1)
    timers (4.0.1)
      hitimes
    treetop (1.4.15)
      polyglot
      polyglot (>= 0.3.1)
    tzinfo (0.3.44)
    uglifier (2.2.1)
      execjs (>= 0.3.0)
      multi_json (~> 1.0, >= 1.0.2)
    unf (0.1.4-java)
    uuid (2.3.8)
      macaddr (~> 1.0)
    warbler (1.4.8)
      jruby-jars (>= 1.5.6, < 2.0)
      jruby-rack (>= 1.1.1, < 1.3)
      rake (>= 0.9.6)
      rubyzip (>= 0.9, < 1.2)
    xmlcanonicalizer (0.1.2)

PLATFORMS
  java

DEPENDENCIES
  activerecord-jdbc-adapter (>= 0.9.2)
  activerecord-jdbcmysql-adapter (>= 0.9.2)
  activerecord-jdbcsqlite3-adapter (>= 0.9.2)
  airbrake (>= 3.0.5)
  capistrano (~> 2.15.0)
  coffee-rails (~> 3.2.1)
  database_cleaner
  dynamic_form
  factory_girl (>= 2.6.4)
  factory_girl_rails (>= 1.2)
  grit (~> 2.4.0)
  haml (>= 3.0.25)
  hypothesis-client!
  jdbc-sqlite3 (>= 3.6.3.054)
  jquery-rails
  json
  json-jruby (>= 1.5.0)
  mediawiki_api!
  mocha
  nokogiri (>= 1.6.6.2)
  prototype-rails
  puma
  rack (>= 1.1.0)
  rails (= 3.2.21)
  rake
  ruby-debug
  ruby-saml
  rubyzip (~> 0.9.0)
  sass-rails (~> 3.2.3)
  shoulda (>= 2.11.3)
  shoulda-matchers (>= 2.0.0)
  sucker_punch (~> 1.0)
  test_after_commit
  uglifier (>= 1.0.3)
  uuid
  warbler
  xmlcanonicalizer

BUNDLED WITH
   1.10.3
